GEM
  remote: https://rubygems.org/
  specs:
    builder (3.2.3)
    cucumber (2.1.0)
      builder (>= 2.1.2)
      cucumber-core (~> 1.3.0)
      diff-lcs (>= 1.1.3)
      gherkin3 (~> 3.1.0)
      multi_json (>= 1.7.5, < 2.0)
      multi_test (>= 0.1.2)
    cucumber-core (1.3.0)
      gherkin3 (~> 3.1.0)
    diff-lcs (1.3)
    gherkin3 (3.1.2)
    multi_json (1.13.1)
    multi_test (0.1.2)
    power_assert (1.1.3)
    test-unit (3.2.8)
      power_assert

PLATFORMS
  ruby

DEPENDENCIES
  cucumber
  test-unit

RUBY VERSION
   ruby 2.6.2p47

BUNDLED WITH
   1.17.2
